GEM
  remote: https://rubygems.org/
  specs:
    addressable (2.8.5)
      public_suffix (>= 2.0.2, < 6.0)
    ansi (1.5.0)
    ast (2.4.2)
    builder (3.2.4)
    byebug (11.1.3)
    coderay (1.1.3)
    connection_pool (2.4.1)
    csv (3.2.6)
    docile (1.4.0)
    domain_name (0.5.20190701)
      unf (>= 0.0.5, < 1.0.0)
    dotenv (2.8.1)
    ffi (1.15.5)
    haml (5.2.2)
      temple (>= 0.8.0)
      tilt
    http-cookie (1.0.5)
      domain_name (~> 0.5)
    json (2.6.3)
    kramdown (2.4.0)
      rexml
    language_server-protocol (3.17.0.3)
    listen (3.8.0)
      rb-fsevent (~> 0.10, >= 0.10.3)
      rb-inotify (~> 0.9, >= 0.9.10)
    logger (1.5.3)
    mechanize (2.9.1)
      addressable (~> 2.8)
      domain_name (~> 0.5, >= 0.5.20190701)
      http-cookie (~> 1.0, >= 1.0.3)
      mime-types (~> 3.0)
      net-http-digest_auth (~> 1.4, >= 1.4.1)
      net-http-persistent (>= 2.5.2, < 5.0.dev)
      nokogiri (~> 1.11, >= 1.11.2)
      rubyntlm (~> 0.6, >= 0.6.3)
      webrick (~> 1.7)
      webrobots (~> 0.1.2)
    method_source (1.0.0)
    mime-types (3.5.1)
      mime-types-data (~> 3.2015)
    mime-types-data (3.2023.1003)
    mini_magick (4.12.0)
    mini_portile2 (2.8.5)
    minitest (5.17.0)
    minitest-hooks (1.5.0)
      minitest (> 5.3)
    minitest-reporters (1.6.0)
      ansi
      builder
      minitest (>= 5.0)
      ruby-progressbar
    net-http-digest_auth (1.4.1)
    net-http-persistent (4.0.2)
      connection_pool (~> 2.2)
    nio4r (2.5.8)
    nokogiri (1.15.5)
      mini_portile2 (~> 2.8.2)
      racc (~> 1.4)
    parallel (1.22.1)
    parser (3.2.1.0)
      ast (~> 2.4.1)
    pastel (0.8.0)
      tty-color (~> 0.5)
    pg (1.4.5)
    pry (0.14.2)
      coderay (~> 1.1)
      method_source (~> 1.0)
    pry-byebug (3.10.1)
      byebug (~> 11.0)
      pry (>= 0.13, < 0.15)
    public_suffix (5.0.3)
    puma (6.1.0)
      nio4r (~> 2.0)
    racc (1.6.2)
    rack (3.0.4.1)
    rackup (2.1.0)
      rack (>= 3)
      webrick (~> 1.8)
    rainbow (3.1.1)
    rake (13.1.0)
    rb-fsevent (0.11.2)
    rb-inotify (0.10.1)
      ffi (~> 1.0)
    regexp_parser (2.7.0)
    rerun (0.14.0)
      listen (~> 3.0)
    rexml (3.2.5)
    roda (3.65.0)
      rack
    roda-enhanced_logger (0.5.0)
      roda (>= 3.19.0)
      tty-logger (>= 0.3, < 1.0)
    rtesseract (3.1.2)
    rubocop (1.44.1)
      json (~> 2.3)
      parallel (~> 1.10)
      parser (>= 3.2.0.0)
      rainbow (>= 2.2.2, < 4.0)
      regexp_parser (>= 1.8, < 3.0)
      rexml (>= 3.2.5, < 4.0)
      rubocop-ast (>= 1.24.1, < 2.0)
      ruby-progressbar (~> 1.7)
      unicode-display_width (>= 2.4.0, < 3.0)
    rubocop-ast (1.26.0)
      parser (>= 3.2.1.0)
    rubocop-performance (1.15.2)
      rubocop (>= 1.7.0, < 2.0)
      rubocop-ast (>= 0.4.0)
    ruby-progressbar (1.11.0)
    rubyntlm (0.6.3)
    rubyzip (3.0.0.alpha)
    sequel (5.65.0)
    sequel_pg (1.17.1)
      pg (>= 0.18.0, != 1.2.0)
      sequel (>= 4.38.0)
    simplecov (0.22.0)
      docile (~> 1.1)
      simplecov-html (~> 0.11)
      simplecov_json_formatter (~> 0.1)
    simplecov-html (0.12.3)
    simplecov_json_formatter (0.1.4)
    standard (1.24.3)
      language_server-protocol (~> 3.17.0.2)
      rubocop (= 1.44.1)
      rubocop-performance (= 1.15.2)
    strings-ansi (0.2.0)
    temple (0.10.0)
    tilt (2.1.0)
    tty-color (0.6.0)
    tty-cursor (0.7.1)
    tty-logger (0.6.0)
      pastel (~> 0.8)
    tty-progressbar (0.18.2)
      strings-ansi (~> 0.2)
      tty-cursor (~> 0.7)
      tty-screen (~> 0.8)
      unicode-display_width (>= 1.6, < 3.0)
    tty-prompt (0.23.1)
      pastel (~> 0.8)
      tty-reader (~> 0.8)
    tty-reader (0.9.0)
      tty-cursor (~> 0.7)
      tty-screen (~> 0.8)
      wisper (~> 2.0)
    tty-screen (0.8.1)
    unf (0.1.4)
      unf_ext
    unf_ext (0.0.8.2)
    unicode-display_width (2.4.2)
    webrick (1.8.1)
    webrobots (0.1.2)
    wisper (2.0.1)

PLATFORMS
  x86_64-linux

DEPENDENCIES
  csv (~> 3.2, >= 3.2.6)
  dotenv (~> 2.8, >= 2.8.1)
  haml (~> 5.2, >= 5.2.2)
  kramdown (~> 2.4, >= 2.4.0)
  logger (~> 1.5, >= 1.5.3)
  mechanize (~> 2.9, >= 2.9.1)
  mini_magick (~> 4.12)
  minitest (~> 5.17)
  minitest-hooks (~> 1.5)
  minitest-reporters (~> 1.5)
  nokogiri (~> 1.14, >= 1.14.1)
  pastel (~> 0.8.0)
  pg (~> 1.4, >= 1.4.5)
  pry-byebug (~> 3.10, >= 3.10.1)
  puma (~> 6.0, >= 6.0.2)
  rackup (~> 2.1, >= 2.1.0)
  rake (~> 13.0, >= 13.0.6)
  rerun (~> 0.14)
  roda (~> 3.64)
  roda-enhanced_logger (~> 0.5)
  rtesseract (~> 3.1, >= 3.1.2)
  rubyzip (= 3.0.0.alpha)
  sequel (~> 5.65)
  sequel_pg (~> 1.17)
  simplecov (~> 0.22)
  standard (~> 1.22, >= 1.22.1)
  tty-logger (~> 0.6)
  tty-progressbar (~> 0.18.2)
  tty-prompt (~> 0.23.1)

BUNDLED WITH
   2.4.6
